GEM
  remote: http://rubygems.org/
  specs:
    httparty (0.11.0)
      multi_json (~> 1.0)
      multi_xml (>= 0.5.2)
    multi_json (1.7.3)
    multi_xml (0.5.3)
    nokogiri (1.5.5)
    rack (1.4.1)
    rack-protection (1.2.0)
      rack
    sinatra (1.3.3)
      rack (~> 1.3, >= 1.3.6)
      rack-protection (~> 1.2)
      tilt (~> 1.3, >= 1.3.3)
    tilt (1.3.3)
    yandex-translator (0.1.0)
      httparty

PLATFORMS
  ruby

DEPENDENCIES
  nokogiri
  rack
  sinatra
  yandex-translator (= 0.1.0)
